PATH
  remote: .
  specs:
    foodpairing (0.0.1)
      figaro (~> 1.1)
      httparty (~> 0.13)
      json (~> 1.8)

GEM
  remote: http://rubygems.org/
  specs:
    diff-lcs (1.3)
    figaro (1.1.1)
      thor (~> 0.14)
    httparty (0.15.6)
      multi_xml (>= 0.5.2)
    json (1.8.6)
    multi_xml (0.6.0)
    rspec (3.5.0)
      rspec-core (~> 3.5.0)
      rspec-expectations (~> 3.5.0)
      rspec-mocks (~> 3.5.0)
    rspec-core (3.5.4)
      rspec-support (~> 3.5.0)
    rspec-expectations (3.5.0)
      diff-lcs (>= 1.2.0, < 2.0)
      rspec-support (~> 3.5.0)
    rspec-mocks (3.5.0)
      diff-lcs (>= 1.2.0, < 2.0)
      rspec-support (~> 3.5.0)
    rspec-support (3.5.0)
    thor (0.19.4)

PLATFORMS
  ruby

DEPENDENCIES
  foodpairing!
  rspec (~> 3.4)

BUNDLED WITH
   1.13.6
